GIT
  remote: git://github.com/plataformatec/show_for.git
  revision: 4f200bbb8869db75bae6abf52c9f59456d549e6f
  specs:
    show_for (0.2.4)
      actionpack (~> 3.0)
      activemodel (~> 3.0)

GIT
  remote: git://github.com/romanbsd/rb-gsl.git
  revision: 0ec73f997d5e7e991cb94192e8e6e56619fa9e69
  specs:
    gsl (1.12.109)
      narray (>= 0.5.9)

GEM
  remote: http://rubygems.org/
  specs:
    actionmailer (3.2.3)
      actionpack (= 3.2.3)
      mail (~> 2.4.4)
    actionpack (3.2.3)
      activemodel (= 3.2.3)
      activesupport (= 3.2.3)
      builder (~> 3.0.0)
      erubis (~> 2.7.0)
      journey (~> 1.0.1)
      rack (~> 1.4.0)
      rack-cache (~> 1.2)
      rack-test (~> 0.6.1)
      sprockets (~> 2.1.2)
    activemodel (3.2.3)
      activesupport (= 3.2.3)
      builder (~> 3.0.0)
    activerecord (3.2.3)
      activemodel (= 3.2.3)
      activesupport (= 3.2.3)
      arel (~> 3.0.2)
      tzinfo (~> 0.3.29)
    activeresource (3.2.3)
      activemodel (= 3.2.3)
      activesupport (= 3.2.3)
    activesupport (3.2.3)
      i18n (~> 0.6)
      multi_json (~> 1.0)
    airbrake (3.0.9)
      activesupport
      builder
    arel (3.0.2)
    bcrypt-ruby (3.0.1)
    bson (1.6.2)
    bson_ext (1.6.2)
      bson (~> 1.6.2)
    builder (3.0.0)
    capistrano (2.11.2)
      highline
      net-scp (>= 1.0.0)
      net-sftp (>= 2.0.0)
      net-ssh (>= 2.0.14)
      net-ssh-gateway (>= 1.1.0)
    capybara (1.1.2)
      mime-types (>= 1.16)
      nokogiri (>= 1.3.3)
      rack (>= 1.0.0)
      rack-test (>= 0.5.4)
      selenium-webdriver (~> 2.0)
      xpath (~> 0.1.4)
    capybara-screenshot (0.1.10)
      capybara (>= 1.0)
    capybara-webkit (0.11.0)
      capybara (>= 1.0.0, < 1.2)
      json
    carrierwave (0.5.8)
      activesupport (~> 3.0)
    carrierwave-mongoid (0.1.6)
      carrierwave (~> 0.5.6)
      mongoid (~> 2.1)
    childprocess (0.3.1)
      ffi (~> 1.0.6)
    clbustos-rtf (0.4.2)
    coffee-rails (3.2.2)
      coffee-script (>= 2.2.0)
      railties (~> 3.2.0)
    coffee-script (2.2.0)
      coffee-script-source
      execjs
    coffee-script-source (1.2.0)
    columnize (0.3.6)
    commonjs (0.2.5)
    cucumber (1.1.9)
      builder (>= 2.1.2)
      diff-lcs (>= 1.1.2)
      gherkin (~> 2.9.0)
      json (>= 1.4.6)
      term-ansicolor (>= 1.0.6)
    cucumber-rails (1.3.0)
      capybara (>= 1.1.2)
      cucumber (>= 1.1.8)
      nokogiri (>= 1.5.0)
    daemon_controller (1.0.0)
    daemons (1.1.8)
    database_cleaner (0.7.2)
    debugger (1.1.3)
      columnize (>= 0.3.1)
      debugger-linecache (~> 1.1.1)
      debugger-ruby_core_source (~> 1.1.2)
    debugger-linecache (1.1.1)
      debugger-ruby_core_source (>= 1.1.1)
    debugger-ruby_core_source (1.1.2)
    decent_exposure (1.0.2)
    devise (1.5.3)
      bcrypt-ruby (~> 3.0)
      orm_adapter (~> 0.0.3)
      warden (~> 1.1)
    diff-lcs (1.1.3)
    dirty-memoize (0.0.4)
    erubis (2.7.0)
    eventmachine (0.12.10)
    execjs (1.3.0)
      multi_json (~> 1.0)
    extendmatrix (0.3.1)
    fabrication (1.3.2)
    fastercsv (1.5.4)
    fastthread (1.0.7)
    ffi (1.0.11)
    foreman (0.41.0)
      thor (>= 0.13.6)
    gherkin (2.9.3)
      json (>= 1.4.6)
    growl (1.0.3)
    guard (1.0.1)
      ffi (>= 0.5.0)
      thor (~> 0.14.6)
    guard-cucumber (0.7.5)
      cucumber (>= 0.10)
      guard (>= 0.8.3)
    guard-rspec (0.7.0)
      guard (>= 0.10.0)
    guard-spork (0.6.0)
      guard (>= 0.10.0)
      spork (>= 0.8.4)
    haml (3.1.4)
    haml-rails (0.3.4)
      actionpack (~> 3.0)
      activesupport (~> 3.0)
      haml (~> 3.0)
      railties (~> 3.0)
    high_voltage (1.1.1)
    highline (1.6.11)
    hike (1.2.1)
    i18n (0.6.0)
    journey (1.0.3)
    jquery-rails (2.0.2)
      railties (>= 3.2.0, < 5.0)
      thor (~> 0.14)
    json (1.6.6)
    kaminari (0.13.0)
      actionpack (>= 3.0.0)
      activesupport (>= 3.0.0)
      railties (>= 3.0.0)
    less (2.1.0)
      commonjs (~> 0.2.0)
      therubyracer (~> 0.10.0)
    less-rails (2.2.0)
      actionpack (>= 3.1)
      less (~> 2.1.0)
    libv8 (3.3.10.4)
    mail (2.4.4)
      i18n (>= 0.4.0)
      mime-types (~> 1.16)
      treetop (~> 1.4.8)
    mime-types (1.18)
    minimization (0.2.1)
      text-table (~> 1.2)
    mongo (1.6.2)
      bson (~> 1.6.2)
    mongoid (2.4.7)
      activemodel (~> 3.1)
      mongo (~> 1.3)
      tzinfo (~> 0.3.22)
    mongoid-rspec (1.4.5)
      mongoid (>= 2.4.6)
      rake
      rspec (>= 2.9)
    mongoid_rails_migrations (0.0.14)
      activesupport (>= 3.0.0)
      bundler (>= 1.0.0)
      rails (>= 3.0.0)
      railties (>= 3.0.0)
    multi_json (1.3.6)
    narray (0.6.0.1)
    net-scp (1.0.4)
      net-ssh (>= 1.99.1)
    net-sftp (2.0.5)
      net-ssh (>= 2.0.9)
    net-ssh (2.3.0)
    net-ssh-gateway (1.1.0)
      net-ssh (>= 1.99.1)
    nokogiri (1.5.2)
    oj (1.2.5)
    orm_adapter (0.0.7)
    passenger (3.0.11)
      daemon_controller (>= 0.2.5)
      fastthread (>= 1.0.1)
      rack
      rake (>= 0.8.1)
    polyglot (0.3.3)
    prawn (0.8.4)
      prawn-core (>= 0.8.4, < 0.9)
      prawn-layout (>= 0.8.4, < 0.9)
      prawn-security (>= 0.8.4, < 0.9)
    prawn-core (0.8.4)
    prawn-layout (0.8.4)
    prawn-security (0.8.4)
    prawn-svg (0.9.1.11)
      prawn (>= 0.8.4)
    quiet_assets (1.0.0)
      rails (~> 3.1)
    rabl (0.7.0)
      activesupport (>= 2.3.14)
      multi_json (~> 1.0)
    rack (1.4.1)
    rack-cache (1.2)
      rack (>= 0.4)
    rack-protection (1.2.0)
      rack
    rack-ssl (1.3.2)
      rack
    rack-test (0.6.1)
      rack (>= 1.0)
    rails (3.2.3)
      actionmailer (= 3.2.3)
      actionpack (= 3.2.3)
      activerecord (= 3.2.3)
      activeresource (= 3.2.3)
      activesupport (= 3.2.3)
      bundler (~> 1.0)
      railties (= 3.2.3)
    railties (3.2.3)
      actionpack (= 3.2.3)
      activesupport (= 3.2.3)
      rack-ssl (~> 1.3.2)
      rake (>= 0.8.7)
      rdoc (~> 3.4)
      thor (~> 0.14.6)
    rake (0.9.2.2)
    rake-compiler (0.8.1)
      rake
    rb-fsevent (0.9.0)
    rdiscount (1.6.8)
    rdoc (3.12)
      json (~> 1.4)
    redis (2.2.2)
    redis-namespace (1.0.2)
      redis (< 3.0.0)
    reportbuilder (1.4.2)
      clbustos-rtf (~> 0.4.0)
      prawn (~> 0.8.4)
      prawn-svg (~> 0.9.1)
      text-table (~> 1.2)
    resque (1.20.0)
      multi_json (~> 1.0)
      redis-namespace (~> 1.0.2)
      sinatra (>= 0.9.2)
      vegas (~> 0.1.2)
    resque-loner (1.2.1)
      resque (~> 1.0)
    resque-scheduler (2.0.0)
      redis (>= 2.0.1)
      resque (>= 1.20.0)
      rufus-scheduler
    resque_spec (0.9.3)
      resque (>= 1.19.0)
      rspec (>= 2.5.0)
    rspec (2.9.0)
      rspec-core (~> 2.9.0)
      rspec-expectations (~> 2.9.0)
      rspec-mocks (~> 2.9.0)
    rspec-core (2.9.0)
    rspec-expectations (2.9.1)
      diff-lcs (~> 1.1.3)
    rspec-mocks (2.9.0)
    rspec-rails (2.9.0)
      actionpack (>= 3.0)
      activesupport (>= 3.0)
      railties (>= 3.0)
      rspec (~> 2.9.0)
    ruby-ole (1.2.11.3)
    rubyzip (0.9.6.1)
    rufus-scheduler (2.0.16)
      tzinfo (>= 0.3.23)
    rvm-capistrano (1.0.2)
      capistrano (>= 2.0.0)
    sass (3.1.15)
    sass-rails (3.2.5)
      railties (~> 3.2.0)
      sass (>= 3.1.10)
      tilt (~> 1.3)
    selenium-webdriver (2.20.0)
      childprocess (>= 0.2.5)
      ffi (~> 1.0)
      multi_json (~> 1.0)
      rubyzip
    simple_form (2.0.1)
      actionpack (~> 3.0)
      activemodel (~> 3.0)
    sinatra (1.3.2)
      rack (~> 1.3, >= 1.3.6)
      rack-protection (~> 1.2)
      tilt (~> 1.3, >= 1.3.3)
    spork (1.0.0rc2)
    spreadsheet (0.6.8)
      ruby-ole (>= 1.0)
    sprockets (2.1.2)
      hike (~> 1.2)
      rack (~> 1.0)
      tilt (~> 1.1, != 1.3.0)
    state_machine (1.1.2)
    statistics2 (0.54)
    statsample (0.15.1)
      dirty-memoize (~> 0.0)
      extendmatrix (~> 0.3.1)
      fastercsv
      minimization (~> 0.2.0)
      reportbuilder (~> 1.0)
      spreadsheet (~> 0.6.0)
      statsample-bivariate-extension (~> 0.13.0)
      svg-graph (~> 1.0)
    statsample-bivariate-extension (0.13.4)
    statsample-optimization (2.0.5)
      gsl (~> 1.12.109)
      rake-compiler
      statistics2 (~> 0.54)
      statsample (~> 0.15.1)
    svg-graph (1.0.5)
    term-ansicolor (1.0.7)
    text-table (1.2.2)
    therubyracer (0.10.1)
      libv8 (~> 3.3.10)
    thin (1.3.1)
      daemons (>= 1.0.9)
      eventmachine (>= 0.12.6)
      rack (>= 1.0.0)
    thor (0.14.6)
    tilt (1.3.3)
    treetop (1.4.10)
      polyglot
      polyglot (>= 0.3.1)
    twitter-bootstrap-rails (2.0.5)
      actionpack (>= 3.1)
      less-rails (~> 2.2.0)
      railties (>= 3.1)
    tzinfo (0.3.33)
    uglifier (1.2.4)
      execjs (>= 0.3.0)
      multi_json (>= 1.0.2)
    validates_email_format_of (1.5.3)
    vegas (0.1.11)
      rack (>= 1.0.0)
    warden (1.1.1)
      rack (>= 1.0)
    xpath (0.1.4)
      nokogiri (~> 1.3)
    yettings (0.1.1)

PLATFORMS
  ruby

DEPENDENCIES
  airbrake
  bson_ext
  capistrano
  capybara
  capybara-screenshot
  capybara-webkit
  carrierwave-mongoid
  coffee-rails
  cucumber-rails
  database_cleaner
  debugger
  decent_exposure
  devise (~> 1.5)
  fabrication
  foreman
  growl
  gsl!
  guard-cucumber
  guard-rspec
  guard-spork
  haml-rails
  high_voltage
  jquery-rails
  kaminari
  mongoid
  mongoid-rspec
  mongoid_rails_migrations (= 0.0.14)
  net-scp
  net-ssh
  oj
  passenger
  quiet_assets
  rabl
  rails (~> 3.2)
  rb-fsevent
  rdiscount
  resque
  resque-loner
  resque-scheduler
  resque_spec
  rspec-rails
  rvm-capistrano
  sass-rails
  show_for!
  simple_form
  spork (~> 1.0rc)
  state_machine
  statsample
  statsample-optimization
  thin
  twitter-bootstrap-rails
  uglifier
  validates_email_format_of
  yettings
