GIT
  remote: git://github.com/mislav/will_paginate.git
  revision: b1a5beeec9f56ecbe3594fcdca76d92b6767ce50
  branch: rails3
  specs:
    will_paginate (3.0.pre3)

GEM
  remote: http://rubygems.org/
  remote: http://gems.github.com/
  specs:
    abstract (1.0.0)
    actionmailer (3.0.4)
      actionpack (= 3.0.4)
      mail (~> 2.2.15)
    actionpack (3.0.4)
      activemodel (= 3.0.4)
      activesupport (= 3.0.4)
      builder (~> 2.1.2)
      erubis (~> 2.6.6)
      i18n (~> 0.4)
      rack (~> 1.2.1)
      rack-mount (~> 0.6.13)
      rack-test (~> 0.5.7)
      tzinfo (~> 0.3.23)
    activemodel (3.0.4)
      activesupport (= 3.0.4)
      builder (~> 2.1.2)
      i18n (~> 0.4)
    activerecord (3.0.4)
      activemodel (= 3.0.4)
      activesupport (= 3.0.4)
      arel (~> 2.0.2)
      tzinfo (~> 0.3.23)
    activeresource (3.0.4)
      activemodel (= 3.0.4)
      activesupport (= 3.0.4)
    activesupport (3.0.4)
    arel (2.0.8)
    bcrypt-ruby (2.1.4)
    beanstalk-client (1.1.0)
    bson (1.2.0)
    bson_ext (1.2.0)
    builder (2.1.2)
    capistrano (2.5.19)
      highline
      net-scp (>= 1.0.0)
      net-sftp (>= 2.0.0)
      net-ssh (>= 2.0.14)
      net-ssh-gateway (>= 1.0.0)
    carrierwave (0.5.1)
      activesupport (~> 3.0)
    clbustos-rtf (0.4.2)
    daemon_controller (0.2.5)
    daemons (1.1.0)
    devise (1.1.5)
      bcrypt-ruby (~> 2.1.2)
      warden (~> 1.0.2)
    dirty-memoize (0.0.4)
    erubis (2.6.6)
      abstract (>= 1.0.0)
    extendmatrix (0.3.1)
    fastercsv (1.5.4)
    fastthread (1.0.7)
    ffi (1.0.5)
      rake (>= 0.8.7)
    ffi-ncurses (0.3.3)
      ffi (>= 0.6.3)
    file-tail (1.0.5)
      spruz (>= 0.1.0)
    gsl (1.14.5)
      narray (>= 0.5.9)
    haml (3.0.25)
    haml-rails (0.3.4)
      actionpack (~> 3.0)
      activesupport (~> 3.0)
      haml (~> 3.0)
      railties (~> 3.0)
    highline (1.6.1)
    i18n (0.5.0)
    jquery-rails (0.2.7)
      rails (~> 3.0)
      thor (~> 0.14.4)
    json_pure (1.5.1)
    mail (2.2.15)
      activesupport (>= 2.3.6)
      i18n (>= 0.4.0)
      mime-types (~> 1.16)
      treetop (~> 1.4.8)
    mime-types (1.16)
    minimization (0.2.1)
      text-table (~> 1.2)
    mongo (1.2.0)
      bson (>= 1.2.0)
    mongoid (2.0.0.rc.7)
      activemodel (~> 3.0)
      mongo (~> 1.2)
      tzinfo (~> 0.3.22)
      will_paginate (~> 3.0.pre)
    narray (0.5.9.9)
    net-scp (1.0.4)
      net-ssh (>= 1.99.1)
    net-sftp (2.0.5)
      net-ssh (>= 2.0.9)
    net-ssh (2.1.0)
    net-ssh-gateway (1.0.1)
      net-ssh (>= 1.99.1)
    passenger (3.0.2)
      daemon_controller (>= 0.2.5)
      fastthread (>= 1.0.1)
      file-tail
      rack
      rake (>= 0.8.1)
    polyglot (0.3.1)
    prawn (0.8.4)
      prawn-core (>= 0.8.4, < 0.9)
      prawn-layout (>= 0.8.4, < 0.9)
      prawn-security (>= 0.8.4, < 0.9)
    prawn-core (0.8.4)
    prawn-layout (0.8.4)
    prawn-security (0.8.4)
    prawn-svg (0.9.1.10)
      prawn (>= 0.8.4)
      prawn-core (>= 0.8.4)
    rack (1.2.1)
    rack-mount (0.6.13)
      rack (>= 1.0.0)
    rack-test (0.5.7)
      rack (>= 1.0)
    rails (3.0.4)
      actionmailer (= 3.0.4)
      actionpack (= 3.0.4)
      activerecord (= 3.0.4)
      activeresource (= 3.0.4)
      activesupport (= 3.0.4)
      bundler (~> 1.0)
      railties (= 3.0.4)
    railties (3.0.4)
      actionpack (= 3.0.4)
      activesupport (= 3.0.4)
      rake (>= 0.8.7)
      thor (~> 0.14.4)
    rake (0.8.7)
    rake-compiler (0.7.6)
      rake
    reportbuilder (1.4.1)
      clbustos-rtf (~> 0.4.0)
      prawn (~> 0.8.4)
      prawn-svg (~> 0.9.1)
      text-table (~> 1.2)
    rserve-client (0.2.5)
    ruby-ole (1.2.11.1)
    ruby_parser (2.0.5)
      sexp_processor (~> 3.0)
    rubyvis (0.4.1)
    sexp_processor (3.0.5)
    spreadsheet (0.6.5.1)
      ruby-ole (>= 1.0)
    spruz (0.2.5)
    stalker (0.7.0)
      beanstalk-client
      json_pure
    state_machine (0.9.4)
    state_machine-mongoid (0.1.5)
      activemodel (>= 3.0.0)
      activemodel (>= 3.0.0)
      bson_ext (>= 1.0.4)
      bson_ext (>= 1.0.4)
      mongoid (>= 2.0.0.beta.16)
      mongoid (>= 2.0.0.beta.16)
      state_machine (>= 0.9.2)
      state_machine (>= 0.9.2)
    statistics2 (0.54)
    statsample (0.18.0)
      dirty-memoize (~> 0.0)
      extendmatrix (~> 0.3.1)
      fastercsv (> 0)
      minimization (~> 0.2.0)
      reportbuilder (~> 1.4)
      rserve-client (~> 0.2.5)
      rubyvis (~> 0.4.0)
      spreadsheet (~> 0.6.5)
      statsample-bivariate-extension (> 0)
    statsample-bivariate-extension (0.16.1)
    statsample-optimization (2.1.0)
      gsl (~> 1.14)
      rake-compiler
      statistics2 (~> 0.54)
      statsample (~> 0.17)
    text-table (1.2.2)
    thor (0.14.6)
    treetop (1.4.9)
      polyglot (>= 0.3.1)
    tzinfo (0.3.24)
    warden (1.0.3)
      rack (>= 1.0.0)

PLATFORMS
  ruby

DEPENDENCIES
  beanstalk-client
  bson_ext
  capistrano
  carrierwave
  daemons
  devise
  ffi-ncurses
  haml
  haml-rails
  jquery-rails
  mongoid (= 2.0.0.rc.7)
  net-scp
  net-ssh
  passenger
  rails (= 3.0.4)
  ruby_parser
  stalker
  state_machine
  state_machine-mongoid
  statsample-optimization
  will_paginate!
